GEM
  remote: http://rubygems.org/
  specs:
    cool.io (1.0.0)
      iobuffer (>= 0.1.3)
    fluent-plugin-scribe (0.10.5)
      fluentd (~> 0.10.7)
      thrift (~> 0.7.0)
    fluentd (0.10.7)
      cool.io (~> 1.0.0)
      http_parser.rb (~> 0.5.1)
      json (>= 1.4.3)
      msgpack (~> 0.4.4)
      yajl-ruby (~> 1.0.0)
    http_parser.rb (0.5.3)
    iobuffer (1.0.0)
    json (1.6.1)
    msgpack (0.4.6)
    thrift (0.7.0)
    yajl-ruby (1.0.0)

PLATFORMS
  ruby

DEPENDENCIES
  fluent-plugin-scribe
  fluentd
